GIT
  remote: https://github.com/earbits/delayed_job_mongo_mapper.git
  revision: b72e3e292b9a4513579f2d6110702d4590fd1d1e
  specs:
    delayed_job_mongo_mapper (1.0.0)
      delayed_job (~> 2.1.1)
      mongo_mapper (~> 0.9)
      rails (>= 3.0.0)

GEM
  remote: http://rubygems.org/
  specs:
    ZenTest (4.5.0)
    abstract (1.0.0)
    actionmailer (3.0.19)
      actionpack (= 3.0.19)
      mail (~> 2.2.19)
    actionpack (3.0.19)
      activemodel (= 3.0.19)
      activesupport (= 3.0.19)
      builder (~> 2.1.2)
      erubis (~> 2.6.6)
      i18n (~> 0.5.0)
      rack (~> 1.2.5)
      rack-mount (~> 0.6.14)
      rack-test (~> 0.5.7)
      tzinfo (~> 0.3.23)
    activemodel (3.0.19)
      activesupport (= 3.0.19)
      builder (~> 2.1.2)
      i18n (~> 0.5.0)
    activerecord (3.0.19)
      activemodel (= 3.0.19)
      activesupport (= 3.0.19)
      arel (~> 2.0.10)
      tzinfo (~> 0.3.23)
    activeresource (3.0.19)
      activemodel (= 3.0.19)
      activesupport (= 3.0.19)
    activesupport (3.0.19)
    arel (2.0.10)
    autotest (4.4.6)
      ZenTest (>= 4.4.1)
    autotest-growl (0.2.16)
    autotest-rails (4.1.1)
      ZenTest (= 4.5)
    bson (1.5.2)
    bson_ext (1.5.2)
      bson (= 1.5.2)
    builder (2.1.2)
    calais (0.0.11)
      curb (>= 0.1.4)
      json (>= 1.1.3)
      nokogiri (>= 1.3.3)
    capistrano (2.9.0)
      highline
      net-scp (>= 1.0.0)
      net-sftp (>= 2.0.0)
      net-ssh (>= 2.0.14)
      net-ssh-gateway (>= 1.1.0)
    capybara (1.1.2)
      mime-types (>= 1.16)
      nokogiri (>= 1.3.3)
      rack (>= 1.0.0)
      rack-test (>= 0.5.4)
      selenium-webdriver (~> 2.0)
      xpath (~> 0.1.4)
    childprocess (0.3.0)
      ffi (~> 1.0.6)
    curb (0.7.18)
    daemons (1.1.5)
    delayed_job (2.1.4)
      activesupport (~> 3.0)
      daemons
    diff-lcs (1.1.3)
    erubis (2.6.6)
      abstract (>= 1.0.0)
    ffi (1.0.11)
    hashie (0.2.2)
    highline (1.6.9)
    honeypot-captcha (0.0.2)
    i18n (0.5.0)
    json (1.7.6)
    kgio (2.7.2)
    mail (2.2.19)
      activesupport (>= 2.3.6)
      i18n (>= 0.4.0)
      mime-types (~> 1.16)
      treetop (~> 1.4.8)
    mime-types (1.19)
    mongo (1.5.2)
      bson (= 1.5.2)
    mongo_mapper (0.10.1)
      activemodel (~> 3.0)
      activesupport (~> 3.0)
      plucky (~> 0.4.0)
    monster_mash (0.1.4)
      typhoeus (>= 0.1.25)
    multi_json (1.0.4)
    net-scp (1.0.4)
      net-ssh (>= 1.99.1)
    net-sftp (2.0.5)
      net-ssh (>= 2.0.9)
    net-ssh (2.3.0)
    net-ssh-gateway (1.1.0)
      net-ssh (>= 1.99.1)
    nokogiri (1.5.0)
    plucky (0.4.3)
      mongo (~> 1.3)
    polyglot (0.3.3)
    rack (1.2.6)
    rack-mount (0.6.14)
      rack (>= 1.0.0)
    rack-test (0.5.7)
      rack (>= 1.0)
    rails (3.0.19)
      actionmailer (= 3.0.19)
      actionpack (= 3.0.19)
      activerecord (= 3.0.19)
      activeresource (= 3.0.19)
      activesupport (= 3.0.19)
      bundler (~> 1.0)
      railties (= 3.0.19)
    railties (3.0.19)
      actionpack (= 3.0.19)
      activesupport (= 3.0.19)
      rake (>= 0.8.7)
      rdoc (~> 3.4)
      thor (~> 0.14.4)
    rake (10.0.3)
    rdoc (3.12)
      json (~> 1.4)
    rr (1.0.4)
    rspec (2.8.0)
      rspec-core (~> 2.8.0)
      rspec-expectations (~> 2.8.0)
      rspec-mocks (~> 2.8.0)
    rspec-core (2.8.0)
    rspec-expectations (2.8.0)
      diff-lcs (~> 1.1.2)
    rspec-mocks (2.8.0)
    rspec-rails (2.8.1)
      actionpack (>= 3.0)
      activesupport (>= 3.0)
      railties (>= 3.0)
      rspec (~> 2.8.0)
    rubyzip (0.9.5)
    selenium-webdriver (2.17.0)
      childprocess (>= 0.2.5)
      ffi (~> 1.0.9)
      multi_json (~> 1.0.4)
      rubyzip
    steak (2.0.0)
      capybara (>= 1.0.0)
      rspec-rails (>= 2.5.0)
    thor (0.14.6)
    transparency_data (0.0.4)
      hashie (~> 0.2.0)
      monster_mash (~> 0.1.0)
      rake
    treetop (1.4.12)
      polyglot
      polyglot (>= 0.3.1)
    typhoeus (0.3.3)
      mime-types
    tzinfo (0.3.35)
    unicorn (3.7.0)
      kgio (~> 2.3)
      rack
    xpath (0.1.4)
      nokogiri (~> 1.3)

PLATFORMS
  ruby

DEPENDENCIES
  autotest
  autotest-growl
  autotest-rails
  bson_ext (~> 1.2)
  calais (~> 0.0.11)
  capistrano (~> 2.5)
  capybara (~> 1.0)
  delayed_job (~> 2.1)
  delayed_job_mongo_mapper!
  honeypot-captcha
  mongo_mapper (~> 0.9)
  nokogiri (~> 1.5)
  rails (~> 3.0.19)
  rr (~> 1.0)
  rspec-rails (~> 2.5)
  steak (~> 2.0)
  transparency_data
  unicorn (~> 3.4)
